PATH
  remote: .
  specs:
    touch_erb (0.3.1)
      bundler (~> 2.0.1)
      thor (~> 0.20)

GEM
  remote: https://rubygems.org/
  specs:
    ansi (1.5.0)
    builder (3.2.3)
    minitest (5.11.3)
    minitest-power_assert (0.3.0)
      minitest
      power_assert (>= 1.1)
    minitest-reporters (1.3.6)
      ansi
      builder
      minitest (>= 5.0)
      ruby-progressbar
    power_assert (1.1.3)
    rake (12.3.2)
    ruby-progressbar (1.10.0)
    thor (0.20.3)
    to_gunma (0.0.2)

PLATFORMS
  ruby

DEPENDENCIES
  bundler (~> 2.0)
  minitest (~> 5.0)
  minitest-power_assert
  minitest-reporters
  rake (~> 12.3)
  to_gunma (~> 0.0.2)
  touch_erb!

BUNDLED WITH
   2.0.1
